GEM
  remote: http://rubygems.org/
  specs:
    abstract (1.0.0)
    actionmailer (3.0.6)
      actionpack (= 3.0.6)
      mail (~> 2.2.15)
    actionpack (3.0.6)
      activemodel (= 3.0.6)
      activesupport (= 3.0.6)
      builder (~> 2.1.2)
      erubis (~> 2.6.6)
      i18n (~> 0.5.0)
      rack (~> 1.2.1)
      rack-mount (~> 0.6.14)
      rack-test (~> 0.5.7)
      tzinfo (~> 0.3.23)
    activemodel (3.0.6)
      activesupport (= 3.0.6)
      builder (~> 2.1.2)
      i18n (~> 0.5.0)
    activerecord (3.0.6)
      activemodel (= 3.0.6)
      activesupport (= 3.0.6)
      arel (~> 2.0.2)
      tzinfo (~> 0.3.23)
    activeresource (3.0.6)
      activemodel (= 3.0.6)
      activesupport (= 3.0.6)
    activesupport (3.0.6)
    addressable (2.2.8)
    arel (2.0.9)
    bcrypt-ruby (2.1.4)
    builder (2.1.2)
    cancan (1.6.5)
    carrierwave (0.5.8)
      activesupport (~> 3.0)
    chronic (0.6.6)
    delocalize (0.2.6)
    devise (1.3.0)
      bcrypt-ruby (~> 2.1.2)
      orm_adapter (~> 0.0.3)
      warden (~> 1.0.3)
    erubis (2.6.6)
      abstract (>= 1.0.0)
    exception_notification (2.6.1)
      actionmailer (>= 3.0.4)
    google_currency (1.2.0)
      money (~> 3.5)
    i18n (0.5.0)
    json (1.5.1)
    launchy (2.1.0)
      addressable (~> 2.2.6)
    letter_opener (0.0.2)
      launchy
    mail (2.2.15)
      activesupport (>= 2.3.6)
      i18n (>= 0.4.0)
      mime-types (~> 1.16)
      treetop (~> 1.4.8)
    meta_search (1.0.5)
      actionpack (~> 3.0.2)
      activerecord (~> 3.0.2)
      activesupport (~> 3.0.2)
      arel (~> 2.0.2)
    mime-types (1.16)
    money (3.7.1)
      i18n (~> 0.4)
    mysql2 (0.2.7)
    nested_form (0.1.1)
    orm_adapter (0.0.4)
    paper_trail (2.3.3)
      rails (~> 3)
    polyglot (0.3.1)
    rack (1.2.2)
    rack-mount (0.6.14)
      rack (>= 1.0.0)
    rack-test (0.5.7)
      rack (>= 1.0)
    rails (3.0.6)
      actionmailer (= 3.0.6)
      actionpack (= 3.0.6)
      activerecord (= 3.0.6)
      activeresource (= 3.0.6)
      activesupport (= 3.0.6)
      bundler (~> 1.0)
      railties (= 3.0.6)
    railties (3.0.6)
      actionpack (= 3.0.6)
      activesupport (= 3.0.6)
      rake (>= 0.8.7)
      thor (~> 0.14.4)
    rake (0.8.7)
    seed-fu (2.0.1)
      activerecord (~> 3.0.0)
    simple_form (1.4.2)
      actionpack (~> 3.0)
      activemodel (~> 3.0)
    thor (0.14.6)
    treetop (1.4.9)
      polyglot (>= 0.3.1)
    tzinfo (0.3.26)
    warden (1.0.3)
      rack (>= 1.0.0)
    whenever (0.7.2)
      activesupport (>= 2.3.4)
      chronic (~> 0.6.3)
    will_paginate (2.3.16)

PLATFORMS
  ruby

DEPENDENCIES
  cancan
  carrierwave
  delocalize
  devise
  exception_notification
  google_currency
  json
  letter_opener
  meta_search
  money (= 3.7.1)
  mysql2 (= 0.2.7)
  nested_form
  paper_trail (~> 2)
  rails (= 3.0.6)
  seed-fu (~> 2.0.0)
  simple_form (= 1.4.2)
  whenever
  will_paginate (= 2.3.16)
